GEM
  remote: https://rubygems.org/
  specs:
    bcrypt_pbkdf (1.0.1)
    diff-lcs (1.3)
    ed25519 (1.2.4)
    multi_json (1.13.1)
    net-scp (1.2.1)
      net-ssh (>= 2.6.5)
    net-ssh (5.1.0)
    net-telnet (0.1.1)
    rake (12.3.2)
    rspec (3.8.0)
      rspec-core (~> 3.8.0)
      rspec-expectations (~> 3.8.0)
      rspec-mocks (~> 3.8.0)
    rspec-core (3.8.0)
      rspec-support (~> 3.8.0)
    rspec-expectations (3.8.2)
      diff-lcs (>= 1.2.0, < 2.0)
      rspec-support (~> 3.8.0)
    rspec-its (1.2.0)
      rspec-core (>= 3.0.0)
      rspec-expectations (>= 3.0.0)
    rspec-mocks (3.8.0)
      diff-lcs (>= 1.2.0, < 2.0)
      rspec-support (~> 3.8.0)
    rspec-support (3.8.0)
    serverspec (2.41.3)
      multi_json
      rspec (~> 3.0)
      rspec-its
      specinfra (~> 2.72)
    sfl (2.3)
    specinfra (2.76.7)
      net-scp
      net-ssh (>= 2.7)
      net-telnet (= 0.1.1)
      sfl

PLATFORMS
  ruby

DEPENDENCIES
  bcrypt_pbkdf!
  ed25519!
  rake!
  serverspec!

RUBY VERSION
   ruby 2.3.6p384

BUNDLED WITH
   2.0.1
